GEM
  remote: http://rubygems.org/
  specs:
    aws-partitions (1.77.0)
    aws-sdk-cloudformation (1.4.0)
      aws-sdk-core (~> 3)
      aws-sigv4 (~> 1.0)
    aws-sdk-core (3.19.0)
      aws-partitions (~> 1.0)
      aws-sigv4 (~> 1.0)
      jmespath (~> 1.0)
    aws-sdk-ec2 (1.29.0)
      aws-sdk-core (~> 3)
      aws-sigv4 (~> 1.0)
    aws-sdk-kms (1.5.0)
      aws-sdk-core (~> 3)
      aws-sigv4 (~> 1.0)
    aws-sdk-s3 (1.9.0)
      aws-sdk-core (~> 3)
      aws-sdk-kms (~> 1)
      aws-sigv4 (~> 1.0)
    aws-sigv4 (1.0.2)
    cfndsl (0.16.3)
    diff-lcs (1.3)
    git (1.4.0)
    highline (1.7.10)
    jmespath (1.4.0)
    rspec (3.7.0)
      rspec-core (~> 3.7.0)
      rspec-expectations (~> 3.7.0)
      rspec-mocks (~> 3.7.0)
    rspec-core (3.7.1)
      rspec-support (~> 3.7.0)
    rspec-expectations (3.7.0)
      diff-lcs (>= 1.2.0, < 2.0)
      rspec-support (~> 3.7.0)
    rspec-mocks (3.7.0)
      diff-lcs (>= 1.2.0, < 2.0)
      rspec-support (~> 3.7.0)
    rspec-support (3.7.1)
    rubyzip (1.2.1)
    thor (0.20.0)

PLATFORMS
  ruby

DEPENDENCIES
  aws-sdk-cloudformation (~> 1, < 2)
  aws-sdk-core (~> 3, < 4)
  aws-sdk-ec2 (~> 1, < 2)
  aws-sdk-s3 (~> 1, < 2)
  cfndsl
  git (~> 1.4, < 2)
  highline (>= 1.7.10, < 1.8)
  rspec
  rubyzip (>= 1.2.1)
  thor

BUNDLED WITH
   1.16.1
