GEM
  remote: https://rubygems.org/
  specs:
    addressable (2.5.2)
      public_suffix (>= 2.0.2, < 4.0)
    aws-eventstream (1.0.2)
    aws-partitions (1.151.0)
    aws-sdk-cloudformation (1.18.0)
      aws-sdk-core (~> 3, >= 3.48.2)
      aws-sigv4 (~> 1.1)
    aws-sdk-core (3.48.4)
      aws-eventstream (~> 1.0, >= 1.0.2)
      aws-partitions (~> 1.0)
      aws-sigv4 (~> 1.1)
      jmespath (~> 1.0)
    aws-sdk-ec2 (1.79.0)
      aws-sdk-core (~> 3, >= 3.48.2)
      aws-sigv4 (~> 1.1)
    aws-sdk-kms (1.16.0)
      aws-sdk-core (~> 3, >= 3.48.2)
      aws-sigv4 (~> 1.1)
    aws-sdk-s3 (1.36.0)
      aws-sdk-core (~> 3, >= 3.48.2)
      aws-sdk-kms (~> 1)
      aws-sigv4 (~> 1.0)
    aws-sigv4 (1.1.0)
      aws-eventstream (~> 1.0, >= 1.0.2)
    cfndsl (0.16.13)
    diff-lcs (1.3)
    duplicate (1.1.1)
    faraday (0.15.4)
      multipart-post (>= 1.2, < 3)
    git (1.5.0)
    highline (1.7.10)
    jmespath (1.4.0)
    multipart-post (2.0.0)
    netaddr (1.5.1)
    octokit (4.14.0)
      sawyer (~> 0.8.0, >= 0.5.3)
    public_suffix (3.0.3)
    rspec (3.8.0)
      rspec-core (~> 3.8.0)
      rspec-expectations (~> 3.8.0)
      rspec-mocks (~> 3.8.0)
    rspec-core (3.8.0)
      rspec-support (~> 3.8.0)
    rspec-expectations (3.8.2)
      diff-lcs (>= 1.2.0, < 2.0)
      rspec-support (~> 3.8.0)
    rspec-mocks (3.8.0)
      diff-lcs (>= 1.2.0, < 2.0)
      rspec-support (~> 3.8.0)
    rspec-support (3.8.0)
    rubyzip (1.2.2)
    sawyer (0.8.1)
      addressable (>= 2.3.5, < 2.6)
      faraday (~> 0.8, < 1.0)
    thor (0.20.3)

PLATFORMS
  ruby

DEPENDENCIES
  aws-sdk-cloudformation (~> 1, < 2)
  aws-sdk-core (~> 3, < 4)
  aws-sdk-ec2 (~> 1, < 2)
  aws-sdk-s3 (~> 1, < 2)
  cfndsl (~> 0.16)
  duplicate (~> 1.1)
  git (~> 1.4, < 2)
  highline (>= 1.7.10, < 1.8)
  netaddr (~> 1.5, >= 1.5.1)
  octokit (~> 4.0)
  rspec
  rubyzip (>= 1.2.1)
  thor

BUNDLED WITH
   1.17.2
